REDIRECTS: ON
RESTRICTION: == net6.0
NUGET
  remote: https://api.nuget.org/v3/index.json
    Argu (6.1.1)
      FSharp.Core (>= 4.3.2)
      System.Configuration.ConfigurationManager (>= 4.4)
    FSharp.Core (6.0.5)
    FSharp.DependencyManager.Paket (7.0)
      FSharp.Core (>= 5.0)
    FsPickler (5.3.2)
      FSharp.Core (>= 4.3.2)
      System.Reflection.Emit.Lightweight (>= 4.3)
    FsPickler.Json (5.3.2)
      FSharp.Core (>= 4.3.2)
      FsPickler (>= 5.3.2)
      Newtonsoft.Json (>= 10.0.1)
    Microsoft.Win32.SystemEvents (6.0.1)
    Mono.Cecil (0.11.4)
    Newtonsoft.Json (13.0.1)
    Streams (0.6)
      FSharp.Core (>= 4.3.4)
    System.CodeDom (6.0)
    System.Configuration.ConfigurationManager (6.0)
      System.Security.Cryptography.ProtectedData (>= 6.0)
      System.Security.Permissions (>= 6.0)
    System.Diagnostics.PerformanceCounter (6.0.1)
      System.Configuration.ConfigurationManager (>= 6.0)
    System.Drawing.Common (6.0)
      Microsoft.Win32.SystemEvents (>= 6.0)
    System.Management (6.0)
      System.CodeDom (>= 6.0)
    System.Reflection.Emit.Lightweight (4.7)
    System.Runtime.Caching (6.0)
      System.Configuration.ConfigurationManager (>= 6.0)
    System.Security.AccessControl (6.0)
    System.Security.Cryptography.ProtectedData (6.0)
    System.Security.Permissions (6.0)
      System.Security.AccessControl (>= 6.0)
      System.Windows.Extensions (>= 6.0)
    System.Windows.Extensions (6.0)
      System.Drawing.Common (>= 6.0)
    Thespian (0.2)
      FSharp.Core (>= 4.3.2)
      FsPickler (>= 5.2)
    Vagabond (0.16.2)
      FSharp.Core (>= 4.3.2)
      FsPickler (>= 5.3)
      Mono.Cecil (>= 0.11)
  remote: https://www.myget.org/F/aggieben/api/v3/index.json
    MBrace.Core (1.6.0-alpha.2)
      FSharp.Core (>= 6.0.5)
    MBrace.CSharp (1.6.0-alpha.2)
      MBrace.Core (>= 1.6.0-alpha.2)
      MBrace.Flow (>= 1.6.0-alpha.2)
    MBrace.Flow (1.6.0-alpha.2)
      FSharp.Core (>= 6.0.5)
      MBrace.Core (>= 1.6.0-alpha.2)
      Streams (>= 0.6)
    MBrace.Runtime (1.6.0-alpha.2)
      FSharp.Core (>= 6.0.5)
      FsPickler (>= 5.3.2)
      FsPickler.Json (>= 5.3.2)
      MBrace.Core (>= 1.6.0-alpha.2)
      System.Diagnostics.PerformanceCounter (>= 6.0.1)
      System.Management (>= 6.0)
      System.Runtime.Caching (>= 6.0)
      Vagabond (>= 0.16.2)
    MBrace.Thespian (1.6.0-alpha.2)
      Argu (>= 6.1.1)
      FSharp.Core (>= 6.0.5)
      FsPickler (>= 5.3.2)
      MBrace.Core (>= 1.6.0-alpha.2)
      MBrace.Runtime (>= 1.6.0-alpha.2)
      Thespian (>= 0.2)
      Vagabond (>= 0.16.2)
